GEM
  remote: https://rubygems.org/
  specs:
    oj (2.1.4)
    rack (1.5.2)

PLATFORMS
  ruby

DEPENDENCIES
  oj
  rack
