GEM
  remote: https://rubygems.org/
  specs:
    json_pure (1.7.6)
    rack (1.5.2)

PLATFORMS
  ruby

DEPENDENCIES
  json_pure
  rack
